PATH
  remote: /Users/ikatz/Development/non-wayfair/arduino_ci
  specs:
    arduino_ci (0.0.1)

GEM
  remote: https://rubygems.org/
  specs:

PLATFORMS
  ruby

DEPENDENCIES
  arduino_ci!

BUNDLED WITH
   1.16.0
